PATH
  remote: .
  specs:
    rocket_job_mission_control (0.0.1)
      bootstrap-sass (>= 3.2.0.1)
      rails (~> 4.1.9)
      rocket_job
      rubyzip

GEM
  remote: https://rubygems.org/
  specs:
    aasm (4.1.0)
    actionmailer (4.1.9)
      actionpack (= 4.1.9)
      actionview (= 4.1.9)
      mail (~> 2.5, >= 2.5.4)
    actionpack (4.1.9)
      actionview (= 4.1.9)
      activesupport (= 4.1.9)
      rack (~> 1.5.2)
      rack-test (~> 0.6.2)
    actionview (4.1.9)
      activesupport (= 4.1.9)
      builder (~> 3.1)
      erubis (~> 2.7.0)
    activemodel (4.1.9)
      activesupport (= 4.1.9)
      builder (~> 3.1)
    activerecord (4.1.9)
      activemodel (= 4.1.9)
      activesupport (= 4.1.9)
      arel (~> 5.0.0)
    activesupport (4.1.9)
      i18n (~> 0.6, >= 0.6.9)
      json (~> 1.7, >= 1.7.7)
      minitest (~> 5.1)
      thread_safe (~> 0.1)
      tzinfo (~> 1.1)
    arel (5.0.1.20140414130214)
    autoprefixer-rails (5.1.7)
      execjs
      json
    bootstrap-sass (3.3.3)
      autoprefixer-rails (>= 5.0.0.1)
      sass (>= 3.2.19)
    bson (1.12.0)
    bson_ext (1.12.0)
      bson (~> 1.12.0)
    builder (3.2.2)
    coercible (1.0.0)
      descendants_tracker (~> 0.0.1)
    descendants_tracker (0.0.4)
      thread_safe (~> 0.3, >= 0.3.1)
    erubis (2.7.0)
    execjs (2.3.0)
    haml (4.0.6)
      tilt
    hike (1.2.3)
    i18n (0.7.0)
    json (1.8.2)
    mail (2.6.3)
      mime-types (>= 1.16, < 3)
    metaclass (0.0.4)
    mime-types (2.4.3)
    minitest (5.5.1)
    minitest-rails (2.1.1)
      minitest (~> 5.4)
      railties (~> 4.1)
    mocha (1.1.0)
      metaclass (~> 0.0.1)
    mongo (1.12.0)
      bson (= 1.12.0)
    mongo_ha (1.12.0)
      mongo (~> 1.12)
    mongo_mapper (0.13.1)
      activemodel (>= 3.0.0)
      activesupport (>= 3.0)
      mongo (~> 1.8)
      plucky (~> 0.6.5)
    multi_json (1.11.0)
    plucky (0.6.6)
      mongo (~> 1.5)
    rack (1.5.2)
    rack-test (0.6.3)
      rack (>= 1.0)
    rails (4.1.9)
      actionmailer (= 4.1.9)
      actionpack (= 4.1.9)
      actionview (= 4.1.9)
      activemodel (= 4.1.9)
      activerecord (= 4.1.9)
      activesupport (= 4.1.9)
      bundler (>= 1.3.0, < 2.0)
      railties (= 4.1.9)
      sprockets-rails (~> 2.0)
    railties (4.1.9)
      actionpack (= 4.1.9)
      activesupport (= 4.1.9)
      rake (>= 0.8.7)
      thor (>= 0.18.1, < 2.0)
    rake (10.4.2)
    rocket_job (0.2.0)
      aasm (~> 4.1)
      mongo (~> 1.11)
      mongo_ha (~> 1.11)
      mongo_mapper (~> 0.13)
      semantic_logger (~> 2.13)
      symmetric-encryption (~> 3.0)
      sync_attr (>= 1.0)
    rubyzip (1.1.7)
    sass (3.4.13)
    semantic_logger (2.13.1)
      sync_attr (~> 1.0)
      thread_safe (~> 0.1)
    sprockets (2.12.3)
      hike (~> 1.2)
      multi_json (~> 1.0)
      rack (~> 1.0)
      tilt (~> 1.1, != 1.3.0)
    sprockets-rails (2.2.4)
      actionpack (>= 3.0)
      activesupport (>= 3.0)
      sprockets (>= 2.8, < 4.0)
    symmetric-encryption (3.6.0)
      coercible (>= 1.0.0)
    sync_attr (1.0.0)
    thor (0.19.1)
    thread_safe (0.3.4)
    tilt (1.4.1)
    tzinfo (1.2.2)
      thread_safe (~> 0.1)

PLATFORMS
  ruby

DEPENDENCIES
  bson_ext
  haml
  minitest-rails
  mocha
  mongo (~> 1.0)
  mongo_ha
  mongo_mapper (~> 0.13)
  rocket_job_mission_control!
